GEM
  remote: http://rubygems.org/
  specs:
    bacon (1.2.0)
    haml (4.0.1)
      tilt
    pg (0.15.0)
    rack (1.5.2)
    rack-protection (1.5.0)
      rack
    sequel (3.46.0)
    sinatra (1.4.2)
      rack (~> 1.5, >= 1.5.2)
      rack-protection (~> 1.4)
      tilt (~> 1.3, >= 1.3.4)
    sinatra-sequel (0.9.0)
      bacon
      sequel (>= 3.2.0)
      sinatra (>= 0.9.4)
    sqlite3 (1.3.7)
    tilt (1.3.6)

PLATFORMS
  ruby

DEPENDENCIES
  haml
  pg
  sequel
  sinatra
  sinatra-sequel
  sqlite3
